GEM
  remote: https://rubygems.org/
  specs:
    json (2.5.1)
    open-uri (0.1.0)
    rack (1.6.5)
    rack-protection (1.5.3)
      rack
    sinatra (1.4.7)
      rack (~> 1.5)
      rack-protection (~> 1.4)
      tilt (>= 1.3, < 3)
    tilt (2.0.5)
    uri (0.10.1)

PLATFORMS
  ruby

DEPENDENCIES
  json
  open-uri
  sinatra
  uri

RUBY VERSION
   ruby 2.6.3p62

BUNDLED WITH
   1.17.2
